PATH
  remote: .
  specs:
    flail (1.0.0)
      json

GEM
  remote: https://rubygems.org/
  specs:
    actionpack (2.3.14)
      activesupport (= 2.3.14)
      rack (~> 1.1.0)
    activerecord (2.3.14)
      activesupport (= 2.3.14)
    activesupport (2.3.14)
    diff-lcs (1.1.3)
    fakeweb (1.3.0)
    json (1.8.1)
    rack (1.1.3)
    rake (13.0.1)
    rr (1.0.4)
    rspec (2.11.0)
      rspec-core (~> 2.11.0)
      rspec-expectations (~> 2.11.0)
      rspec-mocks (~> 2.11.0)
    rspec-core (2.11.1)
    rspec-expectations (2.11.2)
      diff-lcs (~> 1.1.3)
    rspec-mocks (2.11.1)
    sham_rack (1.3.4)
      rack

PLATFORMS
  ruby

DEPENDENCIES
  actionpack (~> 2.3.8)
  activerecord (~> 2.3.8)
  activesupport (~> 2.3.8)
  fakeweb (~> 1.3.0)
  flail!
  rake
  rr
  rspec
  sham_rack (~> 1.3.0)
